GEM
  remote: https://rubygems.org/
  specs:
    aasm (2.1.3)
    actionmailer (2.3.2)
      actionpack (= 2.3.2)
    actionpack (2.3.2)
      activesupport (= 2.3.2)
    activerecord (2.3.2)
      activesupport (= 2.3.2)
    activeresource (2.3.2)
      activesupport (= 2.3.2)
    activesupport (2.3.2)
    builder (3.0.0)
    hoptoad_notifier (2.4.4)
      activesupport
      builder
    newrelic_rpm (3.0.1)
    rails (2.3.2)
      actionmailer (= 2.3.2)
      actionpack (= 2.3.2)
      activerecord (= 2.3.2)
      activeresource (= 2.3.2)
      activesupport (= 2.3.2)
      rake (>= 0.8.3)
    rake (0.9.2.2)
    ruleby (0.6)
    sqlite3 (1.3.6)
    sqlite3-ruby (1.3.3)
      sqlite3 (>= 1.3.3)

PLATFORMS
  ruby

DEPENDENCIES
  aasm (= 2.1.3)
  hoptoad_notifier (= 2.4.4)
  newrelic_rpm (= 3.0.1)
  rails (= 2.3.2)
  ruleby (= 0.6)
  sqlite3-ruby (= 1.3.3)
